GEM
  remote: https://rubygems.org/
  specs:
    rake (10.5.0)
    sqlite3 (1.3.13)

PLATFORMS
  ruby

DEPENDENCIES
  bundler (~> 1.16)
  rake (~> 10.0)
  sqlite3

BUNDLED WITH
   1.16.1
